PATH
  remote: .
  specs:
    members_of_cluster_stanza (0.0.1)
      togostanza

GEM
  remote: https://rubygems.org/
  specs:
    activesupport (4.2.5.1)
      i18n (~> 0.7)
      json (~> 1.7, >= 1.7.7)
      minitest (~> 5.1)
      thread_safe (~> 0.3, >= 0.3.4)
      tzinfo (~> 1.1)
    backports (3.6.8)
    concurrent-ruby (1.0.0)
    ffi (1.9.10)
    flavour_saver (0.3.8)
      rltk (~> 2.2.0)
      tilt
    haml (4.0.7)
      tilt
    hashie (3.4.3)
    i18n (0.7.0)
    json (1.8.3)
    link_header (0.0.8)
    minitest (5.8.4)
    multi_json (1.11.2)
    net-http-persistent (2.9.4)
    parallel (1.6.1)
    rack (1.6.4)
    rack-protection (1.5.3)
      rack
    rack-test (0.6.3)
      rack (>= 1.0)
    rdf (1.99.1)
      link_header (~> 0.0, >= 0.0.8)
    rltk (2.2.1)
      ffi (>= 1.0.0)
    sinatra (1.4.7)
      rack (~> 1.5)
      rack-protection (~> 1.4)
      tilt (>= 1.3, < 3)
    sinatra-contrib (1.4.6)
      backports (>= 2.0)
      multi_json
      rack-protection
      rack-test
      sinatra (~> 1.4.0)
      tilt (>= 1.3, < 3)
    sparql-client (1.99.0)
      net-http-persistent (~> 2.9)
      rdf (~> 1.1)
    sprockets (3.5.2)
      concurrent-ruby (~> 1.0)
      rack (> 1, < 3)
    thor (0.19.1)
    thread_safe (0.3.5)
    tilt (2.0.2)
    togostanza (2.1.0)
      activesupport (~> 4.2)
      flavour_saver (~> 0.3)
      haml (~> 4.0)
      hashie (~> 3.4)
      parallel (~> 1.6)
      sinatra (~> 1.4)
      sinatra-contrib (~> 1.4)
      sparql-client (~> 1.1)
      sprockets (~> 3.4)
      thor (~> 0.19)
    tzinfo (1.2.2)
      thread_safe (~> 0.1)

PLATFORMS
  ruby

DEPENDENCIES
  members_of_cluster_stanza!
