PATH
  remote: ortholog_group_descriptions_stanza
  specs:
    ortholog_group_descriptions_stanza (0.0.1)
      togostanza

PATH
  remote: ortholog_group_members_in_environments_stanza
  specs:
    ortholog_group_members_in_environments_stanza (0.0.1)
      togostanza

PATH
  remote: ortholog_group_members_in_fixed_taxonomy_sunburst_stanza
  specs:
    ortholog_group_members_in_fixed_taxonomy_sunburst_stanza (0.0.1)
      togostanza

PATH
  remote: ortholog_group_members_in_fixed_taxonomy_tree_stanza
  specs:
    ortholog_group_members_in_fixed_taxonomy_tree_stanza (0.0.1)
      togostanza

PATH
  remote: ortholog_group_members_in_phenotypes_stanza
  specs:
    ortholog_group_members_in_phenotypes_stanza (0.0.1)
      togostanza

PATH
  remote: ortholog_group_members_in_tree_stanza
  specs:
    ortholog_group_members_in_tree_stanza (0.0.1)
      togostanza

PATH
  remote: ortholog_group_members_stanza
  specs:
    ortholog_group_members_stanza (0.0.1)
      togostanza

GEM
  remote: https://rubygems.org/
  specs:
    activesupport (4.2.11.1)
      i18n (~> 0.7)
      minitest (~> 5.1)
      thread_safe (~> 0.3, >= 0.3.4)
      tzinfo (~> 1.1)
    backports (3.15.0)
    concurrent-ruby (1.1.5)
    ffi (1.11.1)
    flavour_saver (0.3.9)
      rltk (~> 2.2.0)
      tilt
    haml (4.0.7)
      tilt
    hamster (3.0.0)
      concurrent-ruby (~> 1.0)
    hashie (3.6.0)
    i18n (0.9.5)
      concurrent-ruby (~> 1.0)
    json (1.8.6)
    kgio (2.11.2)
    link_header (0.0.8)
    minitest (5.12.2)
    multi_json (1.14.1)
    net-http-persistent (2.9.4)
    parallel (1.18.0)
    rack (1.6.11)
    rack-protection (1.5.5)
      rack
    rack-test (1.1.0)
      rack (>= 1.0, < 3)
    raindrops (0.19.0)
    rdf (2.2.12)
      hamster (~> 3.0)
      link_header (~> 0.0, >= 0.0.8)
    rltk (2.2.1)
      ffi (>= 1.0.0)
    sinatra (1.4.8)
      rack (~> 1.5)
      rack-protection (~> 1.4)
      tilt (>= 1.3, < 3)
    sinatra-contrib (1.4.7)
      backports (>= 2.0)
      multi_json
      rack-protection
      rack-test
      sinatra (~> 1.4.0)
      tilt (>= 1.3, < 3)
    sparql-client (1.99.1)
      json (~> 1.8)
      net-http-persistent (~> 2.9)
      rdf (>= 1.99, < 3)
      tins (= 1.6.0)
    sprockets (3.7.2)
      concurrent-ruby (~> 1.0)
      rack (> 1, < 3)
    thor (0.20.3)
    thread_safe (0.3.6)
    tilt (2.0.10)
    tins (1.6.0)
    togostanza (2.1.3)
      activesupport (~> 4.2)
      flavour_saver (~> 0.3)
      haml (~> 4.0)
      hashie (~> 3.4)
      parallel (~> 1.6)
      sinatra (~> 1.4)
      sinatra-contrib (~> 1.4)
      sparql-client (~> 1.1)
      sprockets (~> 3.4)
      thor (~> 0.19)
    tzinfo (1.2.5)
      thread_safe (~> 0.1)
    unicorn (5.5.1)
      kgio (~> 2.6)
      raindrops (~> 0.7)

PLATFORMS
  ruby

DEPENDENCIES
  ortholog_group_descriptions_stanza!
  ortholog_group_members_in_environments_stanza!
  ortholog_group_members_in_fixed_taxonomy_sunburst_stanza!
  ortholog_group_members_in_fixed_taxonomy_tree_stanza!
  ortholog_group_members_in_phenotypes_stanza!
  ortholog_group_members_in_tree_stanza!
  ortholog_group_members_stanza!
  togostanza
  unicorn

BUNDLED WITH
   1.16.2
